GEM
  remote: http://rubygems.org/
  specs:
    commonjs (0.2.6)
    daemons (1.1.8)
    eventmachine (0.12.10)
    less (2.2.1)
      commonjs (~> 0.2.6)
    libv8 (3.3.10.4)
    nokogiri (1.5.2)
    rack (1.4.1)
    rack-protection (1.2.0)
      rack
    rake (0.9.2.2)
    redcarpet (2.1.1)
    shotgun (0.9)
      rack (>= 1.0)
    sinatra (1.3.2)
      rack (~> 1.3, >= 1.3.6)
      rack-protection (~> 1.2)
      tilt (~> 1.3, >= 1.3.3)
    therubyracer (0.10.1)
      libv8 (~> 3.3.10)
    thin (1.3.1)
      daemons (>= 1.0.9)
      eventmachine (>= 0.12.6)
      rack (>= 1.0.0)
    tilt (1.3.3)

PLATFORMS
  ruby

DEPENDENCIES
  less (= 2.2.1)
  nokogiri (= 1.5.2)
  rake (= 0.9.2.2)
  redcarpet (= 2.1.1)
  shotgun (= 0.9)
  sinatra (= 1.3.2)
  therubyracer (= 0.10.1)
  thin (= 1.3.1)
