GEM
  remote: http://rubygems.org/
  specs:
    redcarpet (2.0.0b5)

PLATFORMS
  ruby

DEPENDENCIES
  redcarpet (= 2.0.0b5)
