GEM
  remote: http://rubygems.org/
  specs:
    commonjs (0.2.0)
      therubyracer (~> 0.9.9)
    daemons (1.1.8)
    eventmachine (0.12.10)
    less (2.0.9)
      commonjs (~> 0.2.0)
      therubyracer (~> 0.9.9)
    libv8 (3.3.10.4)
    nokogiri (1.5.0)
    rack (1.4.1)
    rack-protection (1.2.0)
      rack
    redcarpet (2.1.0)
    shotgun (0.9)
      rack (>= 1.0)
    sinatra (1.3.2)
      rack (~> 1.3, >= 1.3.6)
      rack-protection (~> 1.2)
      tilt (~> 1.3, >= 1.3.3)
    therubyracer (0.9.9)
      libv8 (~> 3.3.10)
    thin (1.3.1)
      daemons (>= 1.0.9)
      eventmachine (>= 0.12.6)
      rack (>= 1.0.0)
    tilt (1.3.3)

PLATFORMS
  ruby

DEPENDENCIES
  less (= 2.0.9)
  nokogiri (= 1.5.0)
  redcarpet (= 2.1.0)
  shotgun (= 0.9)
  sinatra (= 1.3.2)
  thin (= 1.3.1)
